GEM
  remote: http://rubygems.org/
  specs:
    coderay (1.0.9)
    cuba (3.1.0)
      rack
    cuba-contrib (3.1.0)
      cuba (~> 3.1)
    daemons (1.1.9)
    eventmachine (1.0.3)
    ffaker (1.15.0)
    method_source (0.8.1)
    mote (1.1.2)
    nest (1.1.2)
      redis
    ohm (1.3.1)
      nest (~> 1.0)
      redis
      scrivener (~> 0.0.3)
    ohm-contrib (1.2)
      ohm (~> 1.2)
    pbkdf2 (0.1.0)
    pry (0.9.12)
      coderay (~> 1.0.5)
      method_source (~> 0.8)
      slop (~> 3.4)
    rack (1.5.2)
    redis (3.0.3)
    scrivener (0.0.3)
    shield (1.0.0)
      pbkdf2
    shotgun (0.9)
      rack (>= 1.0)
    slop (3.4.4)
    spawn (0.1.4)
    thin (1.5.1)
      daemons (>= 1.0.9)
      eventmachine (>= 0.12.6)
      rack (>= 1.0.0)

PLATFORMS
  ruby

DEPENDENCIES
  cuba
  cuba-contrib
  ffaker
  mote
  ohm
  ohm-contrib
  pry
  shield
  shotgun
  spawn
  thin
